GIT
  remote: git://github.com/chrisvfritz/holidapi.git
  revision: 8c78ecce58be4b9f33c5e0d83733c3ae1e77a837
  specs:
    holidapi (0.0.1)
      httparty
      json

GEM
  remote: https://rubygems.org/
  specs:
    cat_api (0.1.0)
      nokogiri (~> 1.6.5)
      rest-client (~> 1.7.2)
    httparty (0.13.3)
      json (~> 1.8)
      multi_xml (>= 0.5.2)
    json (1.8.2)
    mime-types (2.4.3)
    mini_portile (0.6.2)
    multi_xml (0.5.5)
    netrc (0.10.2)
    nokogiri (1.6.6.2)
      mini_portile (~> 0.6.0)
    rack (1.5.2)
    rack-protection (1.5.3)
      rack
    rest-client (1.7.3)
      mime-types (>= 1.16, < 3.0)
      netrc (~> 0.7)
    sinatra (1.4.5)
      rack (~> 1.4)
      rack-protection (~> 1.4)
      tilt (~> 1.3, >= 1.3.4)
    tilt (1.4.1)

PLATFORMS
  ruby

DEPENDENCIES
  cat_api
  holidapi!
  rack (= 1.5.2)
  sinatra (~> 1.4.5)
